GEM
  remote: https://rubygems.org/
  specs:
    httparty (0.18.0)
      mime-types (~> 3.0)
      multi_xml (>= 0.5.2)
    kramdown (2.3.0)
      rexml
    mime-types (3.3.1)
      mime-types-data (~> 3.2015)
    mime-types-data (3.2020.0425)
    mini_portile2 (2.4.0)
    multi_xml (0.6.0)
    nokogiri (1.10.9)
      mini_portile2 (~> 2.4.0)
    parallel (1.19.1)
    rexml (3.2.4)

PLATFORMS
  ruby

DEPENDENCIES
  httparty
  kramdown
  nokogiri
  parallel

BUNDLED WITH
   1.17.3
